GEM
  remote: https://rubygems.org/
  specs:
    cinch (2.3.4)
    daemons (1.2.4)
    eventmachine (1.2.5)
    mini_portile2 (2.3.0)
    mustermann (1.0.1)
    nokogiri (1.8.2)
      mini_portile2 (~> 2.3.0)
    rack (2.0.6)
    rack-protection (2.0.0)
      rack
    sinatra (2.0.1)
      mustermann (~> 1.0)
      rack (~> 2.0)
      rack-protection (= 2.0.0)
      tilt (~> 2.0)
    thin (1.7.2)
      daemons (~> 1.0, >= 1.0.9)
      eventmachine (~> 1.0, >= 1.0.4)
      rack (>= 1, < 3)
    tilt (2.0.8)

PLATFORMS
  ruby

DEPENDENCIES
  cinch (~> 2.3.4)
  nokogiri
  sinatra
  thin

BUNDLED WITH
   1.15.4
