GEM
  remote: https://rubygems.org/
  specs:
    cinch (2.3.4)

PLATFORMS
  ruby

DEPENDENCIES
  cinch (~> 2.3.4)

BUNDLED WITH
   2.0.2
